PATH
  remote: .
  specs:
    quickdraw (0.1.0)
      concurrent-ruby

GEM
  remote: https://rubygems.org/
  specs:
    ast (2.4.2)
    concurrent-ruby (1.3.4)
    console (1.23.6)
      fiber-annotation
      fiber-local
      json
    covered (0.25.1)
      console (~> 1.0)
      msgpack (~> 1.0)
    diff-lcs (1.5.1)
    fiber-annotation (0.2.0)
    fiber-local (1.0.0)
    json (2.7.2)
    language_server-protocol (3.17.0.3)
    minitest (5.22.3)
    msgpack (1.7.2)
    parallel (1.25.1)
    parser (3.3.3.0)
      ast (~> 2.4.1)
      racc
    racc (1.8.0)
    rainbow (3.1.1)
    regexp_parser (2.9.2)
    rexml (3.3.0)
      strscan
    rspec-expectations (3.13.0)
      diff-lcs (>= 1.2.0, < 2.0)
      rspec-support (~> 3.13.0)
    rspec-support (3.13.1)
    rubocop (1.64.1)
      json (~> 2.3)
      language_server-protocol (>= 3.17.0)
      parallel (~> 1.10)
      parser (>= 3.3.0.2)
      rainbow (>= 2.2.2, < 4.0)
      regexp_parser (>= 1.8, < 3.0)
      rexml (>= 3.2.5, < 4.0)
      rubocop-ast (>= 1.31.1, < 2.0)
      ruby-progressbar (~> 1.7)
      unicode-display_width (>= 2.4.0, < 3.0)
    rubocop-ast (1.31.3)
      parser (>= 3.3.1.0)
    ruby-progressbar (1.13.0)
    strscan (3.1.0)
    sus (0.24.6)
    unicode-display_width (2.5.0)

PLATFORMS
  arm64-darwin
  universal-java-11
  x86_64-linux

DEPENDENCIES
  covered
  minitest
  quickdraw!
  rspec-expectations
  rubocop
  sus

BUNDLED WITH
   2.4.6
